GEM
  remote: http://rubygems.org/
  specs:
    bourbon (3.2.3)
      sass (~> 3.2)
      thor
    neat (1.5.1)
      bourbon (>= 3.1)
      sass (~> 3.2.19)
    sass (3.2.19)
    thor (0.19.1)

PLATFORMS
  ruby

DEPENDENCIES
  bourbon (= 3.2.3)
  neat (= 1.5.1)
